GIT
  remote: git://github.com/reaperhulk/r509.git
  revision: a8981dd496ba3f85f0af666d0922dcc5295f0e1c
  specs:
    r509 (0.7beta)

GIT
  remote: git://github.com/sirsean/dependo.git
  revision: 027c5503f54b17c22d291ea64292ba932635bc7d
  specs:
    dependo (0.1)

GIT
  remote: git://github.com/sirsean/r509-middleware-validity.git
  revision: 9ac985539072883e1afac1b592c9316844bc486e
  specs:
    r509-middleware-validity (0.1)
      r509-validity-redis
      rack
      redis
      sinatra

GIT
  remote: git://github.com/sirsean/r509-validity-redis.git
  revision: 08f19b9ae0d624538982bdc29c5d3f995ca5da7b
  specs:
    r509-validity-redis (0.1)
      r509
      rake
      redis

GEM
  remote: http://rubygems.org/
  specs:
    rack (1.4.1)
    rack-protection (1.2.0)
      rack
    rake (0.9.2.2)
    redis (2.2.2)
    sinatra (1.3.2)
      rack (~> 1.3, >= 1.3.6)
      rack-protection (~> 1.2)
      tilt (~> 1.3, >= 1.3.3)
    tilt (1.3.3)

PLATFORMS
  ruby

DEPENDENCIES
  dependo!
  r509!
  r509-middleware-validity!
  r509-validity-redis!
  sinatra
